GIT
  remote: https://github.com/sinatra/sinatra.git
  revision: e69b6b9dee7165d3a583fc8a6af10ceee1ea687d
  specs:
    rack-protection (2.1.0)
      rack
    sinatra (2.1.0)
      mustermann (~> 1.0)
      rack (~> 2.2)
      rack-protection (= 2.1.0)
      tilt (~> 2.0)

GEM
  remote: https://rubygems.org/
  specs:
    ast (2.4.2)
    daemons (1.4.1)
    eventmachine (1.2.7)
    language_server-protocol (3.16.0.3)
    mustermann (1.1.1)
      ruby2_keywords (~> 0.0.1)
    parallel (1.21.0)
    parser (3.0.2.0)
      ast (~> 2.4.1)
    rack (2.2.3)
    rainbow (3.0.0)
    regexp_parser (2.1.1)
    rexml (3.2.5)
    rubocop (1.22.3)
      parallel (~> 1.10)
      parser (>= 3.0.0.0)
      rainbow (>= 2.2.2, < 4.0)
      regexp_parser (>= 1.8, < 3.0)
      rexml
      rubocop-ast (>= 1.12.0, < 2.0)
      ruby-progressbar (~> 1.7)
      unicode-display_width (>= 1.4.0, < 3.0)
    rubocop-ast (1.12.0)
      parser (>= 3.0.1.1)
    rubocop-lsp (0.1.6)
      language_server-protocol (>= 3.16)
      rubocop (>= 1.0)
    ruby-progressbar (1.11.0)
    ruby2_keywords (0.0.5)
    thin (1.8.1)
      daemons (~> 1.0, >= 1.0.9)
      eventmachine (~> 1.0, >= 1.0.4)
      rack (>= 1, < 3)
    tilt (2.0.10)
    unicode-display_width (2.1.0)

PLATFORMS
  arm64-darwin-20
  x86_64-darwin-18

DEPENDENCIES
  rubocop-lsp
  sinatra!
  thin

BUNDLED WITH
   2.2.27
